GEM
  remote: http://rubygems.org/
  specs:
    backports (2.6.1)
    bluecloth (2.2.0)
    diff-lcs (1.1.3)
    epath (0.3.0)
    fastercsv (1.5.5)
    highline (1.6.13)
    myrrha (1.2.2)
    quickl (0.4.3)
    rake (0.9.2.2)
    redcarpet (2.1.1)
    request-log-analyzer (1.12.2)
    rspec (2.10.0)
      rspec-core (~> 2.10.0)
      rspec-expectations (~> 2.10.0)
      rspec-mocks (~> 2.10.0)
    rspec-core (2.10.1)
    rspec-expectations (2.10.0)
      diff-lcs (~> 1.1.3)
    rspec-mocks (2.10.1)
    sequel (3.36.1)
    sqlite3 (1.3.6)
    wlang (0.10.2)
    yard (0.8.2.1)

PLATFORMS
  ruby

DEPENDENCIES
  backports (~> 2.6)
  bluecloth (~> 2.2.0)
  epath (~> 0.3.0)
  fastercsv (~> 1.5)
  highline (~> 1.6)
  jdbc-sqlite3 (~> 3.7)
  myrrha (~> 1.2.2)
  quickl (~> 0.4.3)
  rake (~> 0.9.2)
  redcarpet (~> 2.1.0)
  request-log-analyzer (~> 1.12.2)
  rspec (~> 2.10)
  sequel (~> 3.36)
  sqlite3 (~> 1.3)
  wlang (~> 0.10.2)
  yard (~> 0.8.2)
