GEM
  remote: http://rubygems.org/
  specs:
    bluecloth (2.2.0)
    diff-lcs (1.2.4)
    domain (1.0.0)
    highline (1.6.19)
    json (1.8.0)
    json (1.8.0-java)
    myrrha (3.0.0)
      domain (~> 1.0)
    path (1.3.1)
    rake (10.0.4)
    redcarpet (2.3.0)
    rspec (2.13.0)
      rspec-core (~> 2.13.0)
      rspec-expectations (~> 2.13.0)
      rspec-mocks (~> 2.13.0)
    rspec-core (2.13.1)
    rspec-expectations (2.13.0)
      diff-lcs (>= 1.1.3, < 2.0)
    rspec-mocks (2.13.1)
    sexpr (0.5.1)
    yard (0.8.6.1)

PLATFORMS
  java
  ruby

DEPENDENCIES
  bluecloth (~> 2.2)
  domain (~> 1.0)
  highline (~> 1.6)
  json
  myrrha (~> 3.0)
  path (~> 1.3)
  rake (~> 10.0)
  redcarpet (~> 2.2)
  rspec (~> 2.12)
  sexpr (~> 0.5.1)
  yard (~> 0.8.2)
