GEM
  remote: http://rubygems.org/
  specs:
    diff-lcs (1.2.4)
    domain (1.0.0)
    highline (1.6.19)
    myrrha (3.0.0)
      domain (~> 1.0)
    path (1.3.1)
    rake (10.1.0)
    rspec (2.14.1)
      rspec-core (~> 2.14.0)
      rspec-expectations (~> 2.14.0)
      rspec-mocks (~> 2.14.0)
    rspec-core (2.14.4)
    rspec-expectations (2.14.0)
      diff-lcs (>= 1.1.3, < 2.0)
    rspec-mocks (2.14.1)
    ruby_cop (1.0.5)
    sexpr (0.6.0)

PLATFORMS
  java
  ruby

DEPENDENCIES
  domain (~> 1.0)
  highline (~> 1.6)
  myrrha (~> 3.0)
  path (~> 1.3)
  rake (~> 10.1)
  rspec (~> 2.14)
  ruby_cop (~> 1.0)
  sexpr (~> 0.6.0)
