GEM
  remote: http://rubygems.org/
  specs:
    bluecloth (2.2.0)
    diff-lcs (1.1.3)
    domain (1.0.0.rc4)
    highline (1.6.15)
    json (1.7.6)
    myrrha (3.0.0.rc7)
      domain (~> 1.0.0.rc3)
    path (1.3.1)
    rake (10.0.3)
    redcarpet (2.2.2)
    rspec (2.12.0)
      rspec-core (~> 2.12.0)
      rspec-expectations (~> 2.12.0)
      rspec-mocks (~> 2.12.0)
    rspec-core (2.12.2)
    rspec-expectations (2.12.1)
      diff-lcs (~> 1.1.3)
    rspec-mocks (2.12.2)
    sexpr (0.5.1)
    yard (0.8.4.1)

PLATFORMS
  ruby

DEPENDENCIES
  bluecloth (~> 2.2)
  domain (~> 1.0.0.rc4)
  highline (~> 1.6)
  json
  myrrha (~> 3.0.0.rc7)
  path (~> 1.3)
  rake (~> 10.0.3)
  redcarpet (~> 2.2)
  rspec (~> 2.10)
  sexpr (~> 0.5.1)
  yard (~> 0.8.2)
