GIT
  remote: git://github.com/blambeau/myrrha.git
  revision: 245959aee8999b8dab0757f830b234e66edaaa70
  specs:
    myrrha (1.2.0)

GIT
  remote: git://github.com/blambeau/quickl.git
  revision: a894fe96d028f6dad39db48a5046a64df24f3392
  specs:
    quickl (0.4.0)

GEM
  remote: http://rubygems.org/
  specs:
    bluecloth (2.1.0)
    diff-lcs (1.1.2)
    fastercsv (1.5.4)
    rake (0.9.2)
    rcov (0.9.9)
    redcarpet (1.17.2)
    request-log-analyzer (1.11.0)
    rspec (2.6.0)
      rspec-core (~> 2.6.0)
      rspec-expectations (~> 2.6.0)
      rspec-mocks (~> 2.6.0)
    rspec-core (2.6.4)
    rspec-expectations (2.6.0)
      diff-lcs (~> 1.1.2)
    rspec-mocks (2.6.0)
    sequel (3.25.0)
    sqlite3 (1.3.3)
    wlang (0.10.2)
    yard (0.7.2)

PLATFORMS
  java
  ruby

DEPENDENCIES
  bluecloth (~> 2.1.0)
  fastercsv (~> 1.5.4)
  myrrha!
  quickl!
  rake (~> 0.9.2)
  rcov (~> 0.9.9)
  redcarpet (~> 1.17.2)
  request-log-analyzer (= 1.11.0)
  rspec (~> 2.6.0)
  sequel (~> 3.25.0)
  sqlite3 (~> 1.3.0)
  wlang (~> 0.10.2)
  yard (~> 0.7.2)
