GEM
  remote: http://rubygems.org/
  specs:
    backports (2.3.0)
    bluecloth (2.2.0)
    diff-lcs (1.1.3)
    fastercsv (1.5.4)
    highline (1.6.11)
    myrrha (1.2.2)
    quickl (0.4.3)
    rake (0.9.2.2)
    redcarpet (2.1.0)
    request-log-analyzer (1.11.1)
    rspec (2.8.0)
      rspec-core (~> 2.8.0)
      rspec-expectations (~> 2.8.0)
      rspec-mocks (~> 2.8.0)
    rspec-core (2.8.0)
    rspec-expectations (2.8.0)
      diff-lcs (~> 1.1.2)
    rspec-mocks (2.8.0)
    sequel (3.33.0)
    sqlite3 (1.3.5)
    wlang (0.10.2)
    yard (0.7.5)

PLATFORMS
  ruby

DEPENDENCIES
  backports (~> 2.3.0)
  bluecloth (~> 2.2.0)
  fastercsv (~> 1.5.4)
  highline (~> 1.6.2)
  jdbc-sqlite3 (~> 3.7)
  myrrha (~> 1.2.1)
  quickl (~> 0.4.2)
  rake (~> 0.9.2)
  redcarpet (~> 2.1.0)
  request-log-analyzer (~> 1.11.0)
  rspec (~> 2.8.0)
  sequel (~> 3.30)
  sqlite3 (~> 1.3)
  wlang (~> 0.10.2)
  yard (~> 0.7.2)
