GEM
  remote: http://rubygems.org/
  specs:
    backports (2.6.1)
    bluecloth (2.2.0)
    diff-lcs (1.1.3)
    epath (0.3.0)
    highline (1.6.13)
    json (1.7.3)
    json (1.7.3-java)
    myrrha (1.2.2)
    quickl (0.4.3)
    rake (0.9.2.2)
    redcarpet (2.1.1)
    rspec (2.10.0)
      rspec-core (~> 2.10.0)
      rspec-expectations (~> 2.10.0)
      rspec-mocks (~> 2.10.0)
    rspec-core (2.10.1)
    rspec-expectations (2.10.0)
      diff-lcs (~> 1.1.3)
    rspec-mocks (2.10.1)
    wlang (0.10.2)
    yard (0.8.2.1)

PLATFORMS
  java
  ruby

DEPENDENCIES
  backports (~> 2.6)
  bluecloth (~> 2.2.0)
  epath (~> 0.3.0)
  highline (~> 1.6)
  json
  myrrha (~> 1.2.2)
  quickl (~> 0.4.3)
  rake (~> 0.9.2)
  redcarpet (~> 2.1.0)
  rspec (~> 2.10)
  wlang (~> 0.10.2)
  yard (~> 0.8.2)
