PATH
  remote: .
  specs:
    alf (0.9.4)
      myrrha (~> 1.2.0)
      quickl (~> 0.3.0)

GEM
  remote: http://rubygems.org/
  specs:
    bluecloth (2.1.0)
    diff-lcs (1.1.2)
    fastercsv (1.5.4)
    myrrha (1.2.0)
    quickl (0.3.0)
    rake (0.9.2)
    rcov (0.9.9)
    rspec (2.6.0)
      rspec-core (~> 2.6.0)
      rspec-expectations (~> 2.6.0)
      rspec-mocks (~> 2.6.0)
    rspec-core (2.6.4)
    rspec-expectations (2.6.0)
      diff-lcs (~> 1.1.2)
    rspec-mocks (2.6.0)
    wlang (0.10.2)
    yard (0.7.2)

PLATFORMS
  java
  ruby

DEPENDENCIES
  alf!
  bluecloth (~> 2.1.0)
  bundler (~> 1.0)
  fastercsv (~> 1.5.4)
  rake (~> 0.9.2)
  rcov (~> 0.9.9)
  rspec (~> 2.6.0)
  wlang (~> 0.10.2)
  yard (~> 0.7.2)
