GEM
  remote: http://rubygems.org/
  specs:
    backports (2.7.1)
    bluecloth (2.2.0)
    diff-lcs (1.1.3)
    domain (1.0.0.rc4)
    highline (1.6.15)
    json (1.7.6)
    myrrha (3.0.0.rc7)
      domain (~> 1.0.0.rc3)
    path (1.3.1)
    quickl (0.4.3)
    rake (0.9.6)
    redcarpet (2.1.1)
    rspec (2.12.0)
      rspec-core (~> 2.12.0)
      rspec-expectations (~> 2.12.0)
      rspec-mocks (~> 2.12.0)
    rspec-core (2.12.2)
    rspec-expectations (2.12.1)
      diff-lcs (~> 1.1.3)
    rspec-mocks (2.12.1)
    sexpr (0.5.1)
    wlang (0.10.2)
    yard (0.8.3)

PLATFORMS
  ruby

DEPENDENCIES
  backports (~> 2.6)
  bluecloth (~> 2.2.0)
  domain (~> 1.0.0.rc4)
  highline (~> 1.6)
  json
  myrrha (~> 3.0.0.rc7)
  path (~> 1.3)
  quickl (~> 0.4.3)
  rake (~> 0.9.2)
  redcarpet (~> 2.1.0)
  rspec (~> 2.10)
  sexpr (~> 0.5.1)
  wlang (~> 0.10.2)
  yard (~> 0.8.2)
