GIT
  remote: git://github.com/blambeau/myrrha.git
  revision: 245959aee8999b8dab0757f830b234e66edaaa70
  specs:
    myrrha (1.2.0)

GIT
  remote: git://github.com/blambeau/quickl.git
  revision: fdadf5ddf1e3153933fd71312976662f4694fcce
  specs:
    quickl (0.3.0)

GEM
  remote: http://rubygems.org/
  specs:
    bluecloth (2.1.0)
    diff-lcs (1.1.2)
    fastercsv (1.5.4)
    rake (0.9.2)
    rcov (0.9.9)
    rcov (0.9.9-java)
    rspec (2.6.0)
      rspec-core (~> 2.6.0)
      rspec-expectations (~> 2.6.0)
      rspec-mocks (~> 2.6.0)
    rspec-core (2.6.4)
    rspec-expectations (2.6.0)
      diff-lcs (~> 1.1.2)
    rspec-mocks (2.6.0)
    wlang (0.10.2)
    yard (0.7.2)

PLATFORMS
  java
  ruby

DEPENDENCIES
  bluecloth (~> 2.1.0)
  fastercsv (~> 1.5.4)
  myrrha!
  quickl!
  rake (~> 0.9.2)
  rcov (~> 0.9.9)
  rspec (~> 2.6.0)
  wlang (~> 0.10.2)
  yard (~> 0.7.2)
